GEM
  remote: https://rubygems.org/
  specs:
    childprocess (0.5.9)
      ffi (~> 1.0, >= 1.0.11)
    diff-lcs (1.2.5)
    escape_utils (1.0.1)
    ffi (1.9.10)
    mail (2.6.3)
      mime-types (>= 1.16, < 3)
    mime-types (2.99.1)
    multi_json (1.11.2)
    open_uri_redirections (0.2.1)
    pony (1.11)
      mail (>= 2.0)
    rake (11.1.1)
    rspec (3.4.0)
      rspec-core (~> 3.4.0)
      rspec-expectations (~> 3.4.0)
      rspec-mocks (~> 3.4.0)
    rspec-core (3.4.4)
      rspec-support (~> 3.4.0)
    rspec-expectations (3.4.0)
      diff-lcs (>= 1.2.0, < 2.0)
      rspec-support (~> 3.4.0)
    rspec-mocks (3.4.1)
      diff-lcs (>= 1.2.0, < 2.0)
      rspec-support (~> 3.4.0)
    rspec-rerun (1.1.0)
      rspec (~> 3.0)
    rspec-support (3.4.1)
    rubyzip (1.2.0)
    selenium-webdriver (2.53.0)
      childprocess (~> 0.5)
      rubyzip (~> 1.0)
      websocket (~> 1.0)
    slack-notifier (1.5.1)
    thor (0.19.1)
    touch_action (1.3.3)
    watir-webdriver (0.9.1)
      selenium-webdriver (>= 2.46.2)
    websocket (1.2.2)

PLATFORMS
  ruby

DEPENDENCIES
  escape_utils (~> 1.0.1)
  multi_json
  open_uri_redirections
  pony
  rake
  rspec
  rspec-core
  rspec-rerun
  slack-notifier
  thor
  touch_action
  watir-webdriver

BUNDLED WITH
   1.11.2
